GEM
  remote: https://rubygems.org/
  specs:
    mini_portile2 (2.3.0)
    multi_json (1.13.1)
    nokogiri (1.8.2)
      mini_portile2 (~> 2.3.0)
    streamio-ffmpeg (3.0.2)
      multi_json (~> 1.8)

PLATFORMS
  ruby

DEPENDENCIES
  nokogiri (= 1.8.2)
  streamio-ffmpeg

BUNDLED WITH
   1.16.2
